GEM
  specs:
    activesupport (3.2.12)
      i18n (~> 0.6)
      multi_json (~> 1.0)
    curb (0.8.3)
    cwa_rest (0.0.1)
    googlecharts (1.6.8)
    haml (4.0.0)
      tilt
    i18n (0.6.4)
    multi_json (1.6.1)
    rsge (0.2)
    rubycas-client (2.3.9)
      activesupport
    tilt (1.3.4)

PLATFORMS
  ruby

DEPENDENCIES
  curb (>= 0.8.3)
  cwa_rest
  googlecharts
  haml
  rsge
  rubycas-client (>= 2.3.9)
