GEM
  specs:
    activesupport (3.2.11)
      i18n (~> 0.6)
      multi_json (~> 1.0)
    curb (0.8.3)
    cwarest (0.0.1)
    i18n (0.6.1)
    multi_json (1.5.0)
    rubycas-client (2.3.9)
      activesupport

PLATFORMS
  ruby

DEPENDENCIES
  curb (>= 0.8.3)
  cwarest (>= 0.0.1)
  rubycas-client (>= 2.3.9)
