GEM
  specs:
    activesupport (3.2.11)
      i18n (~> 0.6)
      multi_json (~> 1.0)
    curb (0.8.3)
    cwarest (0.0.1)
    haml (4.0.0)
      tilt
    i18n (0.6.1)
    multi_json (1.5.0)
    rsge (0.2)
    rubycas-client (2.3.9)
      activesupport
    tilt (1.3.3)

PLATFORMS
  ruby

DEPENDENCIES
  curb (>= 0.8.3)
  cwarest
  haml
  rsge
  rubycas-client (>= 2.3.9)
